GEM
  remote: https://rubygems.org/
  specs:
    liquid (2.5.2)

PLATFORMS
  ruby

DEPENDENCIES
  liquid
